GEM
  remote: https://rubygems.org/
  specs:
    activesupport (4.1.1)
      i18n (~> 0.6, >= 0.6.9)
      json (~> 1.7, >= 1.7.7)
      minitest (~> 5.1)
      thread_safe (~> 0.1)
      tzinfo (~> 1.1)
    backports (3.6.0)
    celluloid (0.15.2)
      timers (~> 1.1.0)
    committee (0.4.13)
      multi_json (> 0.0)
      rack (> 0.0)
    database_cleaner (1.2.0)
    diff-lcs (1.2.5)
    dotenv (0.7.0)
    erubis (2.7.0)
    foreman (0.67.0)
      dotenv (~> 0.7.0)
      thor (~> 0.17.0)
    http_accept (0.1.5)
    i18n (0.6.9)
    json (1.8.1)
    minitest (5.3.4)
    multi_json (1.10.1)
    oj (2.9.0)
    pg (0.17.1)
    pliny (0.0.1)
      activesupport (~> 4.1, >= 4.1.0)
      http_accept (~> 0.1, >= 0.1.5)
      multi_json (~> 1.9, >= 1.9.3)
      pg (~> 0.17, >= 0.17.1)
      prmd (~> 0.1, >= 0.1.1)
      sequel (~> 4.9, >= 4.9.0)
      sinatra (~> 1.4, >= 1.4.5)
      sinatra-router (~> 0.2, >= 0.2.3)
    prmd (0.3.2)
      erubis (~> 2.7)
    puma (2.8.2)
      rack (>= 1.1, < 2.0)
    rack (1.5.2)
    rack-protection (1.5.3)
      rack
    rack-ssl (1.4.1)
      rack
    rack-test (0.6.2)
      rack (>= 1.0)
    rake (10.3.1)
    rollbar (0.12.20)
      multi_json (~> 1.3)
    rr (1.1.2)
    rspec-core (2.14.8)
    rspec-expectations (2.14.5)
      diff-lcs (>= 1.1.3, < 2.0)
    sequel (4.10.0)
    sequel_pg (1.6.9)
      pg (>= 0.8.0)
      sequel (>= 3.39.0)
    sinatra (1.4.5)
      rack (~> 1.4)
      rack-protection (~> 1.4)
      tilt (~> 1.3, >= 1.3.4)
    sinatra-contrib (1.4.2)
      backports (>= 2.0)
      multi_json
      rack-protection
      rack-test
      sinatra (~> 1.4.0)
      tilt (~> 1.3)
    sinatra-router (0.2.3)
      sinatra (~> 1.4)
    sucker_punch (1.0.5)
      celluloid (~> 0.15.2)
    thor (0.17.0)
    thread_safe (0.3.3)
    tilt (1.4.1)
    timers (1.1.0)
    tzinfo (1.1.0)
      thread_safe (~> 0.1)

PLATFORMS
  ruby

DEPENDENCIES
  committee
  database_cleaner
  foreman
  multi_json
  oj
  pg
  pliny
  puma
  rack-ssl
  rack-test
  rake
  rollbar
  rr
  rspec-core
  rspec-expectations
  sequel
  sequel_pg
  sinatra
  sinatra-contrib
  sinatra-router
  sucker_punch
